GIT
  remote: https://github.com/burnt43/cli-builder.git
  revision: 5268f60b7feefd1a89d473a312eabcda19d1ea54
  specs:
    cli-builder (0.0.2)
      hashie

GIT
  remote: https://github.com/burnt43/ruby-lazy-config.git
  revision: f2d09964e448b120da9d13cba429855546800942
  specs:
    ruby-lazy-config (0.0.1)
      activesupport

GIT
  remote: https://github.com/burnt43/ruby-lazy-const.git
  revision: 1eb16478101f00b721c52b35806d0b01e86abe85
  specs:
    ruby-lazy-const (0.0.1)
      activesupport

GEM
  remote: https://rubygems.org/
  specs:
    activemodel (5.2.8.1)
      activesupport (= 5.2.8.1)
    activerecord (5.2.8.1)
      activemodel (= 5.2.8.1)
      activesupport (= 5.2.8.1)
      arel (>= 9.0)
    activesupport (5.2.8.1)
      concurrent-ruby (~> 1.0, >= 1.0.2)
      i18n (>= 0.7, < 2)
      minitest (~> 5.1)
      tzinfo (~> 1.1)
    arel (9.0.0)
    concurrent-ruby (1.1.10)
    hashie (3.6.0)
    i18n (1.11.0)
      concurrent-ruby (~> 1.0)
    mini_record (0.4.7)
      activerecord (>= 3.2.0)
    minitest (5.16.2)
    sqlite3 (1.3.13)
    thread_safe (0.3.6)
    tzinfo (1.2.9)
      thread_safe (~> 0.1)

PLATFORMS
  ruby

DEPENDENCIES
  activerecord (= 5.2.8.1)
  cli-builder!
  mini_record
  ruby-lazy-config!
  ruby-lazy-const!
  sqlite3 (~> 1.3.6)

BUNDLED WITH
   1.17.1
