GIT
  remote: https://github.com/burnt43/cli-builder.git
  revision: 5268f60b7feefd1a89d473a312eabcda19d1ea54
  specs:
    cli-builder (0.0.2)
      hashie

GIT
  remote: https://github.com/burnt43/ruby-lazy-config.git
  revision: f2d09964e448b120da9d13cba429855546800942
  specs:
    ruby-lazy-config (0.0.1)
      activesupport

GIT
  remote: https://github.com/burnt43/ruby-lazy-const.git
  revision: 1eb16478101f00b721c52b35806d0b01e86abe85
  specs:
    ruby-lazy-const (0.0.1)
      activesupport

GEM
  remote: https://rubygems.org/
  specs:
    activemodel (6.1.7.1)
      activesupport (= 6.1.7.1)
    activerecord (6.1.7.1)
      activemodel (= 6.1.7.1)
      activesupport (= 6.1.7.1)
    activesupport (6.1.7.1)
      concurrent-ruby (~> 1.0, >= 1.0.2)
      i18n (>= 1.6, < 2)
      minitest (>= 5.1)
      tzinfo (~> 2.0)
      zeitwerk (~> 2.3)
    concurrent-ruby (1.1.10)
    hashie (3.6.0)
    i18n (1.12.0)
      concurrent-ruby (~> 1.0)
    mini_record (0.4.7)
      activerecord (>= 3.2.0)
    minitest (5.17.0)
    sqlite3 (1.3.13)
    tzinfo (2.0.5)
      concurrent-ruby (~> 1.0)
    zeitwerk (2.6.6)

PLATFORMS
  ruby

DEPENDENCIES
  activerecord (= 6.1.7.1)
  cli-builder!
  mini_record
  ruby-lazy-config!
  ruby-lazy-const!
  sqlite3 (~> 1.3.6)

BUNDLED WITH
   1.17.1
