GIT
  remote: https://github.com/burnt43/ruby-lazy-config.git
  revision: f2d09964e448b120da9d13cba429855546800942
  specs:
    ruby-lazy-config (0.0.1)
      activesupport

GIT
  remote: https://github.com/burnt43/ruby-lazy-const.git
  revision: 1eb16478101f00b721c52b35806d0b01e86abe85
  specs:
    ruby-lazy-const (0.0.1)
      activesupport

GEM
  remote: https://rubygems.org/
  specs:
    activemodel (6.0.0)
      activesupport (= 6.0.0)
    activerecord (6.0.0)
      activemodel (= 6.0.0)
      activesupport (= 6.0.0)
    activesupport (6.0.0)
      concurrent-ruby (~> 1.0, >= 1.0.2)
      i18n (>= 0.7, < 2)
      minitest (~> 5.1)
      tzinfo (~> 1.1)
      zeitwerk (~> 2.1, >= 2.1.8)
    concurrent-ruby (1.1.5)
    i18n (1.6.0)
      concurrent-ruby (~> 1.0)
    minitest (5.11.3)
    sqlite3 (1.4.1)
    thread_safe (0.3.6)
    tzinfo (1.2.5)
      thread_safe (~> 0.1)
    zeitwerk (2.1.9)

PLATFORMS
  ruby

DEPENDENCIES
  activerecord
  ruby-lazy-config!
  ruby-lazy-const!
  sqlite3

BUNDLED WITH
   1.17.1
